GIT
  remote: git://github.com/basvodde/link-checker
  revision: 498c6f3b13efc66dc27073a28b2da914b08583bb
  specs:
    link-checker (0.7.2)
      anemone (~> 0.7.2)
      certified (~> 0.1.1)
      colorize (~> 0.5.8)
      nokogiri (~> 1.8.1)
      trollop (~> 2.0)

GEM
  remote: https://rubygems.org/
  specs:
    addressable (2.5.2)
      public_suffix (>= 2.0.2, < 4.0)
    anemone (0.7.2)
      nokogiri (>= 1.3.0)
      robotex (>= 1.0.0)
    attempt_to (0.4.1)
      rake
    backports (3.11.1)
    builder (3.2.3)
    capybara (2.18.0)
      addressable
      mini_mime (>= 0.1.3)
      nokogiri (>= 1.3.3)
      rack (>= 1.0.0)
      rack-test (>= 0.5.4)
      xpath (>= 2.0, < 4.0)
    certified (0.1.2)
    childprocess (0.8.0)
      ffi (~> 1.0, >= 1.0.11)
    colorize (0.5.8)
    cucumber (3.1.0)
      builder (>= 2.1.2)
      cucumber-core (~> 3.1.0)
      cucumber-expressions (~> 5.0.4)
      cucumber-wire (~> 0.0.1)
      diff-lcs (~> 1.3)
      gherkin (~> 5.0)
      multi_json (>= 1.7.5, < 2.0)
      multi_test (>= 0.1.2)
    cucumber-core (3.1.0)
      backports (>= 3.8.0)
      cucumber-tag_expressions (~> 1.1.0)
      gherkin (>= 5.0.0)
    cucumber-expressions (5.0.13)
    cucumber-tag_expressions (1.1.1)
    cucumber-wire (0.0.1)
    diff-lcs (1.3)
    execjs (2.7.0)
    ffi (1.9.21)
    gherkin (5.0.0)
    jasmine (3.0.0)
      jasmine-core (= 3.0.0)
      phantomjs
      rack (>= 1.2.1)
      rake
    jasmine-core (3.0.0)
    jshintrb (0.3.0)
      execjs
      multi_json (>= 1.3)
      rake
    json (2.1.0)
    mini_mime (1.0.0)
    mini_portile2 (2.3.0)
    multi_json (1.13.1)
    multi_test (0.1.2)
    mustermann (1.0.1)
    nokogiri (1.8.2)
      mini_portile2 (~> 2.3.0)
    phantomjs (2.1.1.0)
    public_suffix (3.0.2)
    r18n-core (2.2.0)
    rack (2.0.4)
    rack-protection (2.0.0)
      rack
    rack-test (0.8.2)
      rack (>= 1.0, < 3)
    rake (12.3.0)
    robotex (1.0.0)
    rspec (3.7.0)
      rspec-core (~> 3.7.0)
      rspec-expectations (~> 3.7.0)
      rspec-mocks (~> 3.7.0)
    rspec-core (3.7.1)
      rspec-support (~> 3.7.0)
    rspec-expectations (3.7.0)
      diff-lcs (>= 1.2.0, < 2.0)
      rspec-support (~> 3.7.0)
    rspec-mocks (3.7.0)
      diff-lcs (>= 1.2.0, < 2.0)
      rspec-support (~> 3.7.0)
    rspec-support (3.7.1)
    rubyzip (1.2.1)
    selenium-webdriver (3.9.0)
      childprocess (~> 0.5)
      rubyzip (~> 1.2)
    sinatra (2.0.0)
      mustermann (~> 1.0)
      rack (~> 2.0)
      rack-protection (= 2.0.0)
      tilt (~> 2.0)
    sinatra-r18n (2.2.0)
      r18n-core (= 2.2.0)
      sinatra (>= 1.3)
    tilt (2.0.8)
    trollop (2.1.2)
    w3c_validators (1.3.3)
      json (>= 1.8)
      nokogiri (~> 1.6)
    xml-sitemap (1.3.3)
      builder (>= 2.0)
    xpath (3.0.0)
      nokogiri (~> 1.8)

PLATFORMS
  ruby

DEPENDENCIES
  attempt_to
  capybara
  certified
  cucumber
  jasmine
  jshintrb
  link-checker!
  nokogiri (~> 1.8.1)
  rake
  rspec
  selenium-webdriver
  sinatra
  sinatra-r18n
  w3c_validators
  xml-sitemap

BUNDLED WITH
   1.16.1
